PATH
  remote: .
  specs:
    quinoa (0.0.1)
      rest-client (~> 0)
      rspec (~> 0)

GEM
  remote: http://rubygems.org/
  specs:
    addressable (2.3.8)
    builder (3.2.2)
    coderay (1.1.0)
    coveralls (0.7.1)
      multi_json (~> 1.3)
      rest-client
      simplecov (>= 0.7)
      term-ansicolor
      thor
    crack (0.4.2)
      safe_yaml (~> 1.0.0)
    cucumber (0.10.7)
      builder (>= 2.1.2)
      diff-lcs (>= 1.1.2)
      gherkin (~> 2.4.0)
      json (>= 1.4.6)
      term-ansicolor (>= 1.0.5)
    diff-lcs (1.2.5)
    docile (1.1.5)
    gherkin (2.4.21)
      json (>= 1.4.6)
    json (1.8.3)
    method_source (0.8.2)
    multi_json (1.11.2)
    nyan-cat-formatter (0.4.0)
    pry (0.10.1)
      coderay (~> 1.1.0)
      method_source (~> 0.8.1)
      slop (~> 3.4)
    rake (0.9.6)
    rest-client (0.9.2)
    rspec (0.9.4)
    safe_yaml (1.0.4)
    simplecov (0.10.0)
      docile (~> 1.1.0)
      json (~> 1.8)
      simplecov-html (~> 0.10.0)
    simplecov-html (0.10.0)
    slop (3.6.0)
    term-ansicolor (1.3.2)
      tins (~> 1.0)
    thor (0.19.1)
    tins (1.6.0)
    webmock (1.21.0)
      addressable (>= 2.3.6)
      crack (>= 0.3.2)

PLATFORMS
  ruby

DEPENDENCIES
  coveralls (~> 0)
  cucumber (~> 0)
  nyan-cat-formatter (~> 0)
  pry (~> 0)
  quinoa!
  rake (~> 0)
  simplecov (~> 0)
  webmock

BUNDLED WITH
   1.10.6
